GEM
  remote: https://rubygems.org/
  specs:
    activemodel (4.0.0)
      activesupport (= 4.0.0)
      builder (~> 3.1.0)
    activerecord (4.0.0)
      activemodel (= 4.0.0)
      activerecord-deprecated_finders (~> 1.0.2)
      activesupport (= 4.0.0)
      arel (~> 4.0.0)
    activerecord-deprecated_finders (1.0.3)
    activesupport (4.0.0)
      i18n (~> 0.6, >= 0.6.4)
      minitest (~> 4.2)
      multi_json (~> 1.3)
      thread_safe (~> 0.1)
      tzinfo (~> 0.3.37)
    arel (4.0.0)
    atomic (1.1.14)
    builder (3.1.4)
    diff-lcs (1.1.3)
    git (1.2.6)
    i18n (0.6.5)
    jeweler (1.6.4)
      bundler (~> 1.0)
      git (>= 1.2.5)
      rake
    minitest (4.7.5)
    multi_json (1.8.0)
    pg (0.16.0)
    polyamorous (0.6.4)
      activerecord (>= 3.0)
    rake (10.1.0)
    rspec (2.10.0)
      rspec-core (~> 2.10.0)
      rspec-expectations (~> 2.10.0)
      rspec-mocks (~> 2.10.0)
    rspec-core (2.10.1)
    rspec-expectations (2.10.0)
      diff-lcs (~> 1.1.3)
    rspec-mocks (2.10.1)
    sqlite3 (1.3.8)
    squeel (1.1.1)
      activerecord (>= 3.0)
      activesupport (>= 3.0)
      polyamorous (~> 0.6.0)
    thread_safe (0.1.3)
      atomic
    tzinfo (0.3.37)
    yard (0.6.8)

PLATFORMS
  ruby

DEPENDENCIES
  activerecord (>= 3.2.0)
  bundler (>= 1.2.0)
  jeweler (~> 1.6.4)
  pg
  rake
  rspec (~> 2.10.0)
  sqlite3
  squeel (~> 1.1.1)
  yard (~> 0.6.0)
